GEM
  remote: https://rubygems.org/
  specs:
    addressable (2.3.4)
    css_parser (1.3.4)
      addressable
    extensions (0.6.0)
    json (1.8.0)
    rake (10.0.4)
    rdoc (4.0.1)
      json (~> 1.4)

PLATFORMS
  ruby

DEPENDENCIES
  addressable
  bundler
  css_parser
  extensions
  json
  rake
  rdoc
